GEM
  remote: https://rubygems.org/
  specs:
    curses (1.0.1)
    narray (0.6.1.1)
    numru-misc (0.1.2)
      narray (>= 0.5.5)
    ruby-fftw3 (0.4.2)
      narray

PLATFORMS
  ruby

DEPENDENCIES
  curses (~> 1.0, >= 1.0.1)
  narray (~> 0.6.1, >= 0.6.1.1)
  numru-misc (~> 0.1.2)
  ruby-fftw3 (~> 0.4.2)
